GEM
  remote: https://rubygems.org/
  specs:
    rack (2.2.3)
    racks (0.0.2)
      rack (~> 2.2)

PLATFORMS
  ruby

DEPENDENCIES
  racks

BUNDLED WITH
   1.16.2
